PATH
  remote: .
  specs:
    mongoid_search (0.2.7)
      bson_ext (>= 1.2)
      fast-stemmer (~> 1.0.0)
      mongoid (>= 3.0.0)

GEM
  remote: http://rubygems.org/
  specs:
    activemodel (3.2.6)
      activesupport (= 3.2.6)
      builder (~> 3.0.0)
    activesupport (3.2.6)
      i18n (~> 0.6)
      multi_json (~> 1.0)
    bson (1.6.4)
    bson_ext (1.6.4)
      bson (~> 1.6.4)
    builder (3.0.0)
    database_cleaner (0.8.0)
    diff-lcs (1.1.2)
    fast-stemmer (1.0.1)
    i18n (0.6.0)
    mongoid (3.0.0)
      activemodel (~> 3.1)
      moped (~> 1.1.1)
      origin (~> 1.0.3)
      tzinfo (~> 0.3.22)
    moped (1.1.1)
    multi_json (1.3.6)
    origin (1.0.4)
    rake (0.8.7)
    rspec (2.6.0)
      rspec-core (~> 2.6.0)
      rspec-expectations (~> 2.6.0)
      rspec-mocks (~> 2.6.0)
    rspec-core (2.6.4)
    rspec-expectations (2.6.0)
      diff-lcs (~> 1.1.2)
    rspec-mocks (2.6.0)
    simplecov (0.4.2)
      simplecov-html (~> 0.4.4)
    simplecov-html (0.4.5)
    tzinfo (0.3.33)

PLATFORMS
  ruby

DEPENDENCIES
  database_cleaner (>= 0.8.0)
  mongoid_search!
  rake (~> 0.8.7)
  rspec (~> 2.4)
  simplecov (>= 0.4.0)
